PATH
  remote: .
  specs:
    gremlin (0.0.1)
      algebrick
      daemons
      dynflow (= 0.6.2)
      fog
      pry
      rack (= 1.5.2)
      rufus-scheduler (= 3.0.6)
      sequel (= 4.1.0)
      sinatra (= 1.4.5)
      sinatra-contrib (= 1.4.2)
      sqlite3
      thin

GEM
  remote: http://rubygems.org/
  specs:
    activesupport (4.1.1)
      i18n (~> 0.6, >= 0.6.9)
      json (~> 1.7, >= 1.7.7)
      minitest (~> 5.1)
      thread_safe (~> 0.1)
      tzinfo (~> 1.1)
    algebrick (0.4.0)
    apipie-params (0.0.3)
      activesupport
      rake
    backports (3.6.0)
    builder (3.2.2)
    capybara (2.2.1)
      mime-types (>= 1.16)
      nokogiri (>= 1.3.3)
      rack (>= 1.0.0)
      rack-test (>= 0.5.4)
      xpath (~> 2.0)
    coderay (1.1.0)
    daemon_controller (1.2.0)
    daemons (1.1.9)
    diff-lcs (1.2.5)
    dynflow (0.6.2)
      activesupport
      algebrick (~> 0.4.0)
      apipie-params
      multi_json
      uuidtools
    eventmachine (1.0.3)
    excon (0.37.0)
    fog (1.22.1)
      fog-brightbox
      fog-core (~> 1.22)
      fog-json
      ipaddress (~> 0.5)
      nokogiri (~> 1.5, >= 1.5.11)
    fog-brightbox (0.0.2)
      fog-core
      fog-json
    fog-core (1.22.0)
      builder
      excon (~> 0.33)
      formatador (~> 0.2)
      mime-types
      net-scp (~> 1.1)
      net-ssh (>= 2.1.3)
    fog-json (1.0.0)
      multi_json (~> 1.0)
    formatador (0.2.5)
    i18n (0.6.9)
    ipaddress (0.8.0)
    json (1.8.1)
    metaclass (0.0.4)
    method_source (0.8.2)
    mime-types (2.2)
    mini_portile (0.6.0)
    minitest (5.3.4)
    mocha (1.1.0)
      metaclass (~> 0.0.1)
    multi_json (1.10.1)
    net-scp (1.2.1)
      net-ssh (>= 2.6.5)
    net-ssh (2.9.1)
    nokogiri (1.6.2.1)
      mini_portile (= 0.6.0)
    passenger (4.0.42)
      daemon_controller (>= 1.2.0)
      rack
      rake (>= 0.8.1)
    pry (0.10.0)
      coderay (~> 1.1.0)
      method_source (~> 0.8.1)
      slop (~> 3.4)
    rack (1.5.2)
    rack-protection (1.5.3)
      rack
    rack-test (0.6.2)
      rack (>= 1.0)
    rake (10.3.2)
    rdoc (4.1.1)
      json (~> 1.4)
    rspec (2.14.1)
      rspec-core (~> 2.14.0)
      rspec-expectations (~> 2.14.0)
      rspec-mocks (~> 2.14.0)
    rspec-core (2.14.8)
    rspec-expectations (2.14.5)
      diff-lcs (>= 1.1.3, < 2.0)
    rspec-mocks (2.14.6)
    rufus-scheduler (3.0.6)
      tzinfo
    sequel (4.1.0)
    shotgun (0.9)
      rack (>= 1.0)
    sinatra (1.4.5)
      rack (~> 1.4)
      rack-protection (~> 1.4)
      tilt (~> 1.3, >= 1.3.4)
    sinatra-contrib (1.4.2)
      backports (>= 2.0)
      multi_json
      rack-protection
      rack-test
      sinatra (~> 1.4.0)
      tilt (~> 1.3)
    slop (3.5.0)
    sqlite3 (1.3.9)
    thin (1.6.2)
      daemons (>= 1.0.9)
      eventmachine (>= 1.0.0)
      rack (>= 1.0.0)
    thread_safe (0.3.4)
    tilt (1.4.1)
    tzinfo (1.2.1)
      thread_safe (~> 0.1)
    uuidtools (2.1.4)
    xpath (2.0.0)
      nokogiri (~> 1.3)

PLATFORMS
  ruby

DEPENDENCIES
  capybara (~> 2.2)
  gremlin!
  mocha (~> 1.1.0)
  passenger (~> 4.0)
  rake (~> 10.2)
  rdoc (~> 4.1)
  rspec (~> 2.14)
  shotgun (= 0.9)
